GEM
  remote: http://rubygems.org/
  specs:
    daemons (1.1.0)
    eventmachine (0.12.10)
    foreman (0.19.0)
      term-ansicolor (~> 1.0.5)
      thor (>= 0.13.6)
    gemcutter (0.6.1)
    git (1.2.5)
    jeweler (1.4.0)
      gemcutter (>= 0.1.0)
      git (>= 1.2.5)
      rubyforge (>= 2.0.0)
    json_pure (1.4.6)
    rack (1.2.1)
    rake (0.8.7)
    rspec (1.3.0)
    rubyforge (2.0.4)
      json_pure (>= 1.1.7)
    sinatra (1.1.2)
      rack (~> 1.1)
      tilt (~> 1.2)
    term-ansicolor (1.0.5)
    thin (1.2.7)
      daemons (>= 1.0.9)
      eventmachine (>= 0.12.6)
      rack (>= 1.0.0)
    thor (0.14.6)
    tilt (1.2.1)
    yard (0.6.1)

PLATFORMS
  ruby

DEPENDENCIES
  foreman
  gemcutter
  jeweler
  rake (= 0.8.7)
  rspec
  sinatra (= 1.1.2)
  thin (= 1.2.7)
  yard
