GEM
  remote: http://rubygems.org/
  specs:
    activesupport (3.0.3)
    addressable (2.2.2)
    configuration (1.1.0)
    daemons (1.1.0)
    em-http-request (0.3.0)
      addressable (>= 2.0.0)
      escape_utils
      eventmachine (>= 0.12.9)
    em-websocket (0.2.0)
      addressable (>= 2.1.1)
      eventmachine (>= 0.12.9)
    escape_utils (0.1.9)
    eventmachine (0.12.10)
    foreman (0.19.0)
      term-ansicolor (~> 1.0.5)
      thor (>= 0.13.6)
    gemcutter (0.6.1)
    git (1.2.5)
    haml (3.0.25)
    i18n (0.5.0)
    jeweler (1.4.0)
      gemcutter (>= 0.1.0)
      git (>= 1.2.5)
      rubyforge (>= 2.0.0)
    json_pure (1.4.6)
    launchy (0.3.7)
      configuration (>= 0.0.5)
      rake (>= 0.8.1)
    nokogiri (1.4.4)
    rack (1.2.1)
    rake (0.8.7)
    ri_cal (0.8.8)
    roauth (0.0.3)
    roxml (3.1.6)
      activesupport (>= 2.3.0)
      nokogiri (>= 1.3.3)
    rspec (1.3.0)
    rubyforge (2.0.4)
      json_pure (>= 1.1.7)
    sinatra (1.1.2)
      rack (~> 1.1)
      tilt (~> 1.2)
    term-ansicolor (1.0.5)
    thin (1.2.7)
      daemons (>= 1.0.9)
      eventmachine (>= 0.12.6)
      rack (>= 1.0.0)
    thor (0.14.6)
    tilt (1.2.1)
    twitter-stream (0.1.10)
      eventmachine (>= 0.12.8)
      roauth (>= 0.0.2)
    yajl-ruby (0.7.9)
    yard (0.6.1)

PLATFORMS
  ruby

DEPENDENCIES
  activesupport (= 3.0.3)
  em-http-request (= 0.3.0)
  em-websocket (= 0.2.0)
  eventmachine (= 0.12.10)
  foreman
  gemcutter
  haml (= 3.0.25)
  i18n
  jeweler
  launchy (= 0.3.7)
  nokogiri (= 1.4.4)
  rake (= 0.8.7)
  ri_cal
  roxml
  rspec
  sinatra (= 1.1.2)
  thin (= 1.2.7)
  thor (= 0.14.6)
  twitter-stream (= 0.1.10)
  yajl-ruby (= 0.7.9)
  yard
